GEM
  remote: http://rubygems.org/
  specs:
    RubyInline (3.11.0)
      ZenTest (~> 4.3)
    ZenTest (4.6.2)
    diff-lcs (1.1.3)
    git (1.2.5)
    jeweler (1.5.2)
      bundler (~> 1.0.0)
      git (>= 1.2.5)
      rake
    png (1.2.0)
    rake (0.9.2)
    rcov (0.9.11)
    rspec (2.6.0)
      rspec-core (~> 2.6.0)
      rspec-expectations (~> 2.6.0)
      rspec-mocks (~> 2.6.0)
    rspec-core (2.6.4)
    rspec-expectations (2.6.0)
      diff-lcs (~> 1.1.2)
    rspec-mocks (2.6.0)

PLATFORMS
  ruby

DEPENDENCIES
  RubyInline
  bundler (~> 1.0.0)
  jeweler (~> 1.5.2)
  png
  rcov
  rspec (~> 2.6.0)
